GEM
  remote: https://rubygems.org/
  specs:
    rake (13.0.3)

PLATFORMS
  ruby

DEPENDENCIES
  rake (>= 0.9.2)

BUNDLED WITH
   1.17.2
