GEM
  remote: https://rubygems.org/
  specs:
    httparty (0.18.1)
      mime-types (~> 3.0)
      multi_xml (>= 0.5.2)
    mime-types (3.3.1)
      mime-types-data (~> 3.2015)
    mime-types-data (3.2021.0225)
    multi_xml (0.6.0)
    rake (13.0.3)

PLATFORMS
  ruby

DEPENDENCIES
  httparty
  rake (>= 0.9.2)

BUNDLED WITH
   1.17.2
